PATH
  remote: .
  specs:
    mime-types (3.2.2)
      mini_mime

GEM
  remote: https://rubygems.org/
  specs:
    mini_mime (1.0.1)

PLATFORMS
  ruby

DEPENDENCIES
  mime-types!

BUNDLED WITH
   1.17.0
