PATH
  remote: .
  specs:
    mime-types (2.99)
      mini_mime

GEM
  remote: https://rubygems.org/
  specs:
    mini_mime (1.0.0)

PLATFORMS
  ruby

DEPENDENCIES
  mime-types!

BUNDLED WITH
   1.16.1
